GEM
  remote: https://rubygems.org/
  specs:
    archive-tar-minitar (0.5.2)
    diff-lcs (1.2.5)
    docker-api (1.19.0)
      archive-tar-minitar
      excon (>= 0.38.0)
      json
    excon (0.44.3)
    json (1.8.2)
    multi_json (1.10.1)
    net-scp (1.2.1)
      net-ssh (>= 2.6.5)
    net-ssh (2.9.2)
    rspec (3.2.0)
      rspec-core (~> 3.2.0)
      rspec-expectations (~> 3.2.0)
      rspec-mocks (~> 3.2.0)
    rspec-core (3.2.1)
      rspec-support (~> 3.2.0)
    rspec-expectations (3.2.0)
      diff-lcs (>= 1.2.0, < 2.0)
      rspec-support (~> 3.2.0)
    rspec-its (1.2.0)
      rspec-core (>= 3.0.0)
      rspec-expectations (>= 3.0.0)
    rspec-mocks (3.2.1)
      diff-lcs (>= 1.2.0, < 2.0)
      rspec-support (~> 3.2.0)
    rspec-support (3.2.2)
    serverspec (2.9.1)
      multi_json
      rspec (~> 3.0)
      rspec-its
      specinfra (~> 2.15)
    specinfra (2.16.0)
      net-scp
      net-ssh

PLATFORMS
  ruby

DEPENDENCIES
  docker-api
  serverspec
